GEM
  remote: http://rubygems.org/
  specs:
    activesupport (3.0.9)
    bluepill (0.0.51)
      activesupport (>= 3.0.0)
      daemons (~> 1.1.0)
      i18n (>= 0.5.0)
      state_machine (~> 0.9.4)
    crack (0.1.8)
    daemons (1.1.4)
    httparty (0.7.8)
      crack (= 0.1.8)
    i18n (0.6.0)
    irc-socket (1.0.1)
    redis (2.2.1)
    state_machine (0.9.4)

PLATFORMS
  ruby

DEPENDENCIES
  bluepill
  httparty
  irc-socket
  redis
