GEM
  remote: http://rubygems.org/
  specs:
    activesupport (3.2.3)
      i18n (~> 0.6)
      multi_json (~> 1.0)
    addressable (2.2.7)
    bluepill (0.0.60)
      activesupport (>= 3.0.0)
      daemons (~> 1.1.4, <= 1.1.6)
      i18n (>= 0.5.0)
      state_machine (~> 1.1.0)
    daemons (1.1.6)
    faraday (0.7.6)
      addressable (~> 2.2)
      multipart-post (~> 1.1)
      rack (~> 1.1)
    faraday_middleware (0.8.7)
      faraday (>= 0.7.4, < 0.9)
    foursquare2 (1.3.6)
      faraday (>= 0.6, < 0.8)
      faraday_middleware (>= 0.8)
      hashie (~> 1.0)
    hashie (1.2.0)
    haversine (0.3.0)
    httparty (0.8.2)
      multi_json
      multi_xml
    i18n (0.6.0)
    irc-socket (1.0.1)
    multi_json (1.3.2)
    multi_xml (0.4.4)
    multipart-post (1.1.5)
    nokogiri (1.5.2)
    rack (1.4.1)
    redis (2.2.2)
    state_machine (1.1.2)

PLATFORMS
  ruby

DEPENDENCIES
  bluepill
  faraday
  foursquare2
  haversine
  httparty
  irc-socket
  multi_json
  nokogiri
  redis
