GEM
  remote: http://rubygems.org/
  specs:
    daemons (1.1.4)
    foreman (0.19.0)
      term-ansicolor (~> 1.0.5)
      thor (>= 0.13.6)
    irc-socket (1.0.1)
    redis (2.2.1)
    term-ansicolor (1.0.6)
    thor (0.14.6)

PLATFORMS
  ruby

DEPENDENCIES
  daemons
  foreman
  irc-socket
  redis
