GEM
  remote: http://rubygems.org/
  specs:
    irc-socket (1.0.1)
    redis (2.2.1)

PLATFORMS
  ruby

DEPENDENCIES
  irc-socket
  redis
